GIT
  remote: git://github.com/ambethia/recaptcha.git
  revision: f4450fb4088e172651cc4d5080edb42cc4af4e3f
  specs:
    recaptcha (0.4.0)

GIT
  remote: git://github.com/cyu/rack-cors.git
  revision: e26a164cca1872235a677646b57a80690b5f9489
  specs:
    rack-cors (0.4.0)

GIT
  remote: git://github.com/openjaf/spree_property_type.git
  revision: 4b64e2573ea56c327dea6ac989437b8e8bc588a0
  branch: 3-0-stable
  specs:
    spree_property_type (3.0.0)
      spree (~> 3.0.0)

GIT
  remote: git://github.com/openjaf/spree_travel_core.git
  revision: 03522e07833bef3552fb5f214db49d02484b7cca
  branch: combinations_less
  specs:
    spree_travel_core (3.0.0)
      spree (~> 3.0.0)

GIT
  remote: git://github.com/openjaf/spree_travel_flight.git
  revision: d30309f0f189be4e6bd21a9162b7921f08823b6a
  branch: combination_less
  specs:
    spree_travel_flight (3.0.0)
      spree_core (~> 3.0.0)

GIT
  remote: git://github.com/openjaf/spree_travel_hotel.git
  revision: 7f88152c47fe12db95a7b51999a9232f5b8a1873
  branch: combinations_less
  specs:
    spree_travel_hotel (3.0.0)
      spree_core (~> 3.0.0)

GIT
  remote: git://github.com/openjaf/spree_travel_package.git
  revision: 852f6ca7d1f4f83eebe37458541b3f89db9d474f
  branch: 3-0-stable
  specs:
    spree_travel_package (3.0.0)
      spree_core (~> 3.0.0)
      spree_travel_core (~> 3.0.0)

GIT
  remote: git://github.com/openjaf/spree_travel_sample.git
  revision: ab55e7cb81d3ccf21be4158b0796a0531f0fd5fc
  branch: combinations_less
  specs:
    spree_travel_sample (3.0.0)
      colored
      spree_core (~> 3.0.0)

GIT
  remote: git://github.com/spree-contrib/spree_i18n.git
  revision: 53853ad1f1f1c94ba90c6ec177568550354a65d4
  branch: 3-0-stable
  specs:
    spree_i18n (3.0.0)
      friendly_id-globalize
      globalize (~> 5.0.1)
      i18n_data (~> 0.7.0)
      kaminari-i18n (~> 0.3.2)
      rails-i18n (~> 4.0.1)
      spree_core (~> 3.0.4)

GIT
  remote: git://github.com/spree-contrib/spree_mail_settings.git
  revision: 99af7e4a137ac76fe4e93b1c8e5a38d81583904c
  branch: 3-0-stable
  specs:
    spree_mail_settings (2.2.0)
      spree_backend (~> 3.0.0)

GIT
  remote: git://github.com/spree-contrib/spree_multi_currency.git
  revision: cfaf64a2ce02f95a41ff0fb984620295395e0a2b
  branch: 3-0-stable
  specs:
    spree_multi_currency (3.0.0.beta)
      spree_core (~> 3.0.0)

GIT
  remote: git://github.com/spree-contrib/spree_slider.git
  revision: a39469a3514df887e20a12d781b025c90399deec
  branch: 3-0-stable
  specs:
    spree_slider (1.2.0)
      spree_backend (>= 3.0.0)
      spree_core (>= 3.0.0)

GIT
  remote: git://github.com/spree-contrib/spree_social.git
  revision: 1ba6a7dfb5ee1021422c09e740d5b312551b6272
  branch: 3-0-stable
  specs:
    spree_social (3.0.0.rc4)
      oa-core
      omniauth
      omniauth-amazon
      omniauth-facebook
      omniauth-github
      omniauth-google-oauth2
      omniauth-twitter
      spree_core (~> 3.0.0.rc4)

GIT
  remote: git://github.com/spree-contrib/spree_static_content.git
  revision: 80a74e1ad8e1843c6bfabcd700dc8edb84822fdd
  branch: 3-0-stable
  specs:
    spree_static_content (3.0.1)
      spree_core (~> 3.0.0)

GIT
  remote: git://github.com/spree/spree.git
  revision: 2f7322cdd764fd84bcb802eb157ad55118ff7ea0
  branch: 3-0-stable
  specs:
    spree (3.0.5.beta)
      spree_api (= 3.0.5.beta)
      spree_backend (= 3.0.5.beta)
      spree_cmd (= 3.0.5.beta)
      spree_core (= 3.0.5.beta)
      spree_frontend (= 3.0.5.beta)
      spree_sample (= 3.0.5.beta)
    spree_api (3.0.5.beta)
      rabl (~> 0.11.6)
      spree_core (= 3.0.5.beta)
      versioncake (~> 2.3.1)
    spree_backend (3.0.5.beta)
      bootstrap-sass (~> 3.3.1)
      jquery-rails (~> 4.0.3)
      jquery-ui-rails (~> 5.0.0)
      select2-rails (= 3.5.9.1)
      spree_api (= 3.0.5.beta)
      spree_core (= 3.0.5.beta)
      sprockets-rails (~> 2.2)
    spree_cmd (3.0.5.beta)
      thor (~> 0.14)
    spree_core (3.0.5.beta)
      activemerchant (~> 1.47.0)
      acts_as_list (~> 0.6)
      awesome_nested_set (~> 3.0.1)
      cancancan (~> 1.10.1)
      carmen (~> 1.0.0)
      deface (~> 1.0.0)
      ffaker (~> 1.16)
      font-awesome-rails (~> 4.0)
      friendly_id (~> 5.1.0)
      highline (~> 1.6.18)
      json (~> 1.7)
      kaminari (~> 0.15, >= 0.15.1)
      monetize (~> 1.1)
      paperclip (~> 4.2.0)
      paranoia (~> 2.1.0)
      premailer-rails
      rails (~> 4.2.2)
      ransack (~> 1.4.1)
      responders
      state_machines-activerecord (~> 0.2)
      stringex
      truncate_html (= 0.9.2)
      twitter_cldr (~> 3.0)
    spree_frontend (3.0.5.beta)
      bootstrap-sass (~> 3.3.1)
      canonical-rails (~> 0.0.4)
      jquery-rails (~> 4.0.3)
      spree_api (= 3.0.5.beta)
      spree_core (= 3.0.5.beta)
      sprockets-rails (~> 2.2)
    spree_sample (3.0.5.beta)
      spree_core (= 3.0.5.beta)

GIT
  remote: git://github.com/spree/spree_auth_devise.git
  revision: f231fce43686d66fe3e6d65ba8595b4474c49895
  branch: 3-0-stable
  specs:
    spree_auth_devise (3.0.0)
      devise (~> 3.4.1)
      devise-encryptable (= 0.1.2)
      json
      multi_json
      spree_core (~> 3.0.0)

GEM
  remote: https://rubygems.org/
  specs:
    actionmailer (4.2.3)
      actionpack (= 4.2.3)
      actionview (= 4.2.3)
      activejob (= 4.2.3)
      mail (~> 2.5, >= 2.5.4)
      rails-dom-testing (~> 1.0, >= 1.0.5)
    actionpack (4.2.3)
      actionview (= 4.2.3)
      activesupport (= 4.2.3)
      rack (~> 1.6)
      rack-test (~> 0.6.2)
      rails-dom-testing (~> 1.0, >= 1.0.5)
      rails-html-sanitizer (~> 1.0, >= 1.0.2)
    actionview (4.2.3)
      activesupport (= 4.2.3)
      builder (~> 3.1)
      erubis (~> 2.7.0)
      rails-dom-testing (~> 1.0, >= 1.0.5)
      rails-html-sanitizer (~> 1.0, >= 1.0.2)
    activejob (4.2.3)
      activesupport (= 4.2.3)
      globalid (>= 0.3.0)
    activemerchant (1.47.0)
      activesupport (>= 3.2.14, < 5.0.0)
      builder (>= 2.1.2, < 4.0.0)
      i18n (>= 0.6.9)
      nokogiri (~> 1.4)
    activemodel (4.2.3)
      activesupport (= 4.2.3)
      builder (~> 3.1)
    activerecord (4.2.3)
      activemodel (= 4.2.3)
      activesupport (= 4.2.3)
      arel (~> 6.0)
    activesupport (4.2.3)
      i18n (~> 0.7)
      json (~> 1.7, >= 1.7.7)
      minitest (~> 5.1)
      thread_safe (~> 0.3, >= 0.3.4)
      tzinfo (~> 1.1)
    acts_as_list (0.7.2)
      activerecord (>= 3.0)
    addressable (2.3.8)
    arel (6.0.3)
    autoprefixer-rails (6.1.0.1)
      execjs
      json
    awesome_nested_set (3.0.2)
      activerecord (>= 4.0.0, < 5)
    aws-sdk (2.1.35)
      aws-sdk-resources (= 2.1.35)
    aws-sdk-core (2.1.35)
      jmespath (~> 1.0)
    aws-sdk-resources (2.1.35)
      aws-sdk-core (= 2.1.35)
    bcrypt (3.1.10)
    better_errors (2.1.1)
      coderay (>= 1.0.0)
      erubis (>= 2.6.6)
      rack (>= 0.9.0)
    binding_of_caller (0.7.2)
      debug_inspector (>= 0.0.1)
    bootstrap-sass (3.3.5.1)
      autoprefixer-rails (>= 5.0.0.1)
      sass (>= 3.3.0)
    browser (1.0.1)
    builder (3.2.2)
    camertron-eprun (1.1.0)
    cancancan (1.10.1)
    canonical-rails (0.0.11)
      rails (>= 3.1, < 5.0)
    carmen (1.0.2)
      activesupport (>= 3.0.0)
    ckeditor (4.1.4)
      cocaine
      orm_adapter (~> 0.5.0)
    cldr-plurals-runtime-rb (1.0.1)
    climate_control (0.0.3)
      activesupport (>= 3.0)
    cocaine (0.5.7)
      climate_control (>= 0.0.3, < 1.0)
    coderay (1.1.0)
    coffee-rails (4.1.0)
      coffee-script (>= 2.2.0)
      railties (>= 4.0.0, < 5.0)
    coffee-script (2.4.1)
      coffee-script-source
      execjs
    coffee-script-source (1.9.1.1)
    colored (1.2)
    colorize (0.7.7)
    css_parser (1.3.7)
      addressable
    debase (0.2.1)
      debase-ruby_core_source
    debase-ruby_core_source (0.8.0)
    debug_inspector (0.0.2)
    deface (1.0.1)
      colorize (>= 0.5.8)
      nokogiri (~> 1.6.0)
      polyglot
      rails (>= 3.1)
    devise (3.4.1)
      bcrypt (~> 3.0)
      orm_adapter (~> 0.1)
      railties (>= 3.2.6, < 5)
      responders
      thread_safe (~> 0.1)
      warden (~> 1.2.3)
    devise-encryptable (0.1.2)
      devise (>= 2.1.0)
    erubis (2.7.0)
    execjs (2.6.0)
    faraday (0.9.2)
      multipart-post (>= 1.2, < 3)
    ffaker (1.32.1)
    figaro (1.1.1)
      thor (~> 0.14)
    font-awesome-rails (4.4.0.0)
      railties (>= 3.2, < 5.0)
    friendly_id (5.1.0)
      activerecord (>= 4.0.0)
    friendly_id-globalize (1.0.0.alpha2)
      friendly_id (~> 5.1.0, < 6.0)
    globalid (0.3.6)
      activesupport (>= 4.1.0)
    globalize (5.0.1)
      activemodel (>= 4.2.0, < 4.3)
      activerecord (>= 4.2.0, < 4.3)
    google_places (0.32.0)
      httparty (~> 0.13.1)
    haml (4.0.7)
      tilt
    haml-rails (0.9.0)
      actionpack (>= 4.0.1)
      activesupport (>= 4.0.1)
      haml (>= 4.0.6, < 5.0)
      html2haml (>= 1.0.1)
      railties (>= 4.0.1)
    hashie (3.4.3)
    highline (1.6.21)
    html2haml (2.0.0)
      erubis (~> 2.7.0)
      haml (~> 4.0.0)
      nokogiri (~> 1.6.0)
      ruby_parser (~> 3.5)
    htmlentities (4.3.4)
    httparty (0.13.7)
      json (~> 1.8)
      multi_xml (>= 0.5.2)
    i18n (0.7.0)
    i18n_data (0.7.0)
    jbuilder (2.3.2)
      activesupport (>= 3.0.0, < 5)
      multi_json (~> 1.2)
    jmespath (1.1.3)
    jquery-rails (4.0.5)
      rails-dom-testing (~> 1.0)
      railties (>= 4.2.0)
      thor (>= 0.14, < 2.0)
    jquery-ui-rails (5.0.5)
      railties (>= 3.2.16)
    json (1.8.3)
    jwt (1.5.2)
    kaminari (0.16.3)
      actionpack (>= 3.0.0)
      activesupport (>= 3.0.0)
    kaminari-i18n (0.3.2)
      kaminari
      rails
    loofah (2.0.3)
      nokogiri (>= 1.5.9)
    mail (2.6.3)
      mime-types (>= 1.16, < 3)
    method_source (0.8.2)
    mime-types (2.6.2)
    mini_portile (0.6.2)
    minitest (5.8.2)
    monetize (1.3.1)
      money (~> 6.6)
    money (6.6.1)
      i18n (>= 0.6.4, <= 0.7.0)
    multi_json (1.11.2)
    multi_xml (0.5.5)
    multipart-post (2.0.0)
    nested_form (0.3.2)
    nokogiri (1.6.6.2)
      mini_portile (~> 0.6.0)
    non-stupid-digest-assets (1.0.5)
    oa-core (0.3.2)
    oauth (0.4.7)
    oauth2 (1.0.0)
      faraday (>= 0.8, < 0.10)
      jwt (~> 1.0)
      multi_json (~> 1.3)
      multi_xml (~> 0.5)
      rack (~> 1.2)
    omniauth (1.2.2)
      hashie (>= 1.2, < 4)
      rack (~> 1.0)
    omniauth-amazon (1.0.0)
      omniauth (~> 1.0)
      omniauth-oauth2 (~> 1.1)
    omniauth-facebook (3.0.0)
      omniauth-oauth2 (~> 1.2)
    omniauth-github (1.1.2)
      omniauth (~> 1.0)
      omniauth-oauth2 (~> 1.1)
    omniauth-google-oauth2 (0.2.10)
      addressable (~> 2.3)
      jwt (~> 1.0)
      multi_json (~> 1.3)
      omniauth (>= 1.1.1)
      omniauth-oauth2 (~> 1.3.1)
    omniauth-oauth (1.1.0)
      oauth
      omniauth (~> 1.0)
    omniauth-oauth2 (1.3.1)
      oauth2 (~> 1.0)
      omniauth (~> 1.2)
    omniauth-twitter (1.2.1)
      json (~> 1.3)
      omniauth-oauth (~> 1.1)
    orm_adapter (0.5.0)
    paperclip (4.2.4)
      activemodel (>= 3.2.0)
      activesupport (>= 3.2.0)
      cocaine (~> 0.5.5)
      mime-types
    paranoia (2.1.4)
      activerecord (~> 4.0)
    pg (0.18.3)
    polyamorous (1.2.0)
      activerecord (>= 3.0)
    polyglot (0.3.5)
    premailer (1.8.6)
      css_parser (>= 1.3.6)
      htmlentities (>= 4.0.0)
    premailer-rails (1.8.2)
      actionmailer (>= 3, < 5)
      premailer (~> 1.7, >= 1.7.9)
    pry (0.10.3)
      coderay (~> 1.1.0)
      method_source (~> 0.8.1)
      slop (~> 3.4)
    rabl (0.11.6)
      activesupport (>= 2.3.14)
    rack (1.6.4)
    rack-pjax (0.8.0)
      nokogiri (~> 1.5)
      rack (~> 1.1)
    rack-test (0.6.3)
      rack (>= 1.0)
    rails (4.2.3)
      actionmailer (= 4.2.3)
      actionpack (= 4.2.3)
      actionview (= 4.2.3)
      activejob (= 4.2.3)
      activemodel (= 4.2.3)
      activerecord (= 4.2.3)
      activesupport (= 4.2.3)
      bundler (>= 1.3.0, < 2.0)
      railties (= 4.2.3)
      sprockets-rails
    rails-deprecated_sanitizer (1.0.3)
      activesupport (>= 4.2.0.alpha)
    rails-dom-testing (1.0.7)
      activesupport (>= 4.2.0.beta, < 5.0)
      nokogiri (~> 1.6.0)
      rails-deprecated_sanitizer (>= 1.0.1)
    rails-html-sanitizer (1.0.2)
      loofah (~> 2.0)
    rails-i18n (4.0.6)
      i18n (~> 0.7)
      railties (~> 4.0)
    rails_12factor (0.0.3)
      rails_serve_static_assets
      rails_stdout_logging
    rails_admin (0.7.0)
      builder (~> 3.1)
      coffee-rails (~> 4.0)
      font-awesome-rails (>= 3.0, < 5)
      haml (~> 4.0)
      jquery-rails (>= 3.0, < 5)
      jquery-ui-rails (~> 5.0)
      kaminari (~> 0.14)
      nested_form (~> 0.3)
      rack-pjax (~> 0.7)
      rails (~> 4.0)
      remotipart (~> 1.0)
      safe_yaml (~> 1.0)
      sass-rails (>= 4.0, < 6)
    rails_serve_static_assets (0.0.4)
    rails_stdout_logging (0.0.4)
    railties (4.2.3)
      actionpack (= 4.2.3)
      activesupport (= 4.2.3)
      rake (>= 0.8.7)
      thor (>= 0.18.1, < 2.0)
    rake (10.4.2)
    ransack (1.4.1)
      actionpack (>= 3.0)
      activerecord (>= 3.0)
      activesupport (>= 3.0)
      i18n
      polyamorous (~> 1.1)
    rdoc (4.2.0)
      json (~> 1.4)
    remotipart (1.2.1)
    responders (2.1.0)
      railties (>= 4.2.0, < 5)
    ruby-debug-ide (0.6.0)
      rake (>= 0.8.1)
    ruby_parser (3.7.2)
      sexp_processor (~> 4.1)
    safe_yaml (1.0.4)
    sass (3.4.19)
    sass-rails (5.0.4)
      railties (>= 4.0.0, < 5.0)
      sass (~> 3.1)
      sprockets (>= 2.8, < 4.0)
      sprockets-rails (>= 2.0, < 4.0)
      tilt (>= 1.1, < 3)
    sdoc (0.4.1)
      json (~> 1.7, >= 1.7.7)
      rdoc (~> 4.0)
    select2-rails (3.5.9.1)
      thor (~> 0.14)
    sexp_processor (4.6.0)
    slop (3.6.0)
    spring (1.4.0)
    sprockets (3.4.0)
      rack (> 1, < 3)
    sprockets-rails (2.3.3)
      actionpack (>= 3.0)
      activesupport (>= 3.0)
      sprockets (>= 2.8, < 4.0)
    sqlite3 (1.3.11)
    state_machines (0.4.0)
    state_machines-activemodel (0.3.0)
      activemodel (~> 4.1)
      state_machines (>= 0.4.0)
    state_machines-activerecord (0.3.0)
      activerecord (~> 4.1)
      state_machines-activemodel (>= 0.3.0)
    stringex (2.5.2)
    stringjs-rails (3.3.1)
      railties (> 3.1)
    thor (0.19.1)
    thread_safe (0.3.5)
    tilt (2.0.1)
    truncate_html (0.9.2)
    turbolinks (2.5.3)
      coffee-rails
    twitter_cldr (3.2.1)
      camertron-eprun
      cldr-plurals-runtime-rb (~> 1.0.0)
      json
      tzinfo
    tzinfo (1.2.2)
      thread_safe (~> 0.1)
    uglifier (2.7.2)
      execjs (>= 0.3.0)
      json (>= 1.8.0)
    versioncake (2.3.1)
      actionpack (>= 3.2)
      activesupport (>= 3.2)
      railties (>= 3.2)
      tzinfo
    wannabe_bool (0.3.0)
    warden (1.2.3)
      rack (>= 1.0)
    web-console (2.2.1)
      activemodel (>= 4.0)
      binding_of_caller (>= 0.7.2)
      railties (>= 4.0)
      sprockets-rails (>= 2.0, < 4.0)
    world_airports (1.1.3)
    xml-simple (1.1.5)

PLATFORMS
  ruby

DEPENDENCIES
  aws-sdk
  better_errors
  binding_of_caller
  browser
  ckeditor
  coffee-rails (~> 4.1.0)
  debase
  debase-ruby_core_source
  ffaker
  figaro
  google_places
  haml-rails
  jbuilder (~> 2.0)
  jquery-rails
  non-stupid-digest-assets
  oauth2
  pg
  pry
  rack-cors!
  rails (= 4.2.3)
  rails-i18n
  rails_12factor
  rails_admin
  ransack
  recaptcha!
  ruby-debug-ide
  sass-rails (~> 5.0)
  sdoc (~> 0.4.0)
  spree!
  spree_auth_devise!
  spree_i18n!
  spree_mail_settings!
  spree_multi_currency!
  spree_property_type!
  spree_slider!
  spree_social!
  spree_static_content!
  spree_travel_core!
  spree_travel_flight!
  spree_travel_hotel!
  spree_travel_package!
  spree_travel_sample!
  spring
  sqlite3
  stringjs-rails
  turbolinks
  uglifier (>= 1.3.0)
  wannabe_bool
  web-console (~> 2.0)
  world_airports
  xml-simple
